PATH
  remote: .
  specs:
    idology (1.9.4)
      active_support (~> 3.0)
      happymapper (~> 0.4.0)
      httparty (~> 0.8.1)
      idology

GEM
  remote: http://rubygems.org/
  specs:
    active_support (3.0.0)
      activesupport (= 3.0.0)
    activesupport (3.0.0)
    fakeweb (1.2.8)
    git (1.2.5)
    happymapper (0.4.0)
      libxml-ruby (~> 2.0)
    httparty (0.8.1)
      multi_json
      multi_xml
    jeweler (1.6.4)
      bundler (~> 1.0)
      git (>= 1.2.5)
      rake
    libxml-ruby (2.2.2)
    multi_json (1.0.4)
    multi_xml (0.4.1)
    rake (0.9.2.2)
    rspec (1.3.2)

PLATFORMS
  ruby

DEPENDENCIES
  fakeweb (= 1.2.8)
  idology!
  jeweler
  rspec (~> 1.3.0)
